GEM
  remote: http://ruby.taobao.org/
  specs:
    activemodel (4.1.5)
      activesupport (= 4.1.5)
      builder (~> 3.1)
    activesupport (4.1.5)
      i18n (~> 0.6, >= 0.6.9)
      json (~> 1.7, >= 1.7.7)
      minitest (~> 5.1)
      thread_safe (~> 0.1)
      tzinfo (~> 1.1)
    addressable (2.3.6)
    async-rack (0.5.1)
      rack (~> 1.1)
    axiom-types (0.1.1)
      descendants_tracker (~> 0.0.4)
      ice_nine (~> 0.11.0)
      thread_safe (~> 0.3, >= 0.3.1)
    bson (2.3.0)
    bson_ext (1.5.1)
    builder (3.2.2)
    coderay (1.1.0)
    coercible (1.0.0)
      descendants_tracker (~> 0.0.1)
    connection_pool (2.0.0)
    descendants_tracker (0.0.4)
      thread_safe (~> 0.3, >= 0.3.1)
    em-mongo (0.5.0)
      bson (>= 1.1.3)
      eventmachine (>= 0.12.10)
    em-synchrony (1.0.3)
      eventmachine (>= 1.0.0.beta.1)
    em-websocket (0.3.8)
      addressable (>= 2.1.1)
      eventmachine (>= 0.12.9)
    equalizer (0.0.9)
    eventmachine (1.0.3)
    goliath (1.0.4)
      async-rack
      em-synchrony (>= 1.0.0)
      em-websocket (= 0.3.8)
      eventmachine (>= 1.0.0.beta.4)
      http_parser.rb (= 0.6.0)
      log4r
      multi_json
      rack (>= 1.2.2)
      rack-contrib
      rack-respond_to
    grape (0.8.0)
      activesupport
      builder
      hashie (>= 2.1.0)
      multi_json (>= 1.3.2)
      multi_xml (>= 0.5.2)
      rack (>= 1.3.0)
      rack-accept
      rack-mount
      virtus (>= 1.0.0)
    hashie (3.2.0)
    http_parser.rb (0.6.0)
    i18n (0.6.11)
    ice_nine (0.11.0)
    json (1.8.1)
    log4r (1.1.10)
    method_source (0.8.2)
    minitest (5.4.0)
    mongo (1.3.1)
      bson (>= 1.3.1)
    mongoid (4.0.0)
      activemodel (~> 4.0)
      moped (~> 2.0.0)
      origin (~> 2.1)
      tzinfo (>= 0.3.37)
    moped (2.0.0)
      bson (~> 2.2)
      connection_pool (~> 2.0)
      optionable (~> 0.2.0)
    multi_json (1.10.1)
    multi_xml (0.5.5)
    optionable (0.2.0)
    origin (2.1.1)
    pry (0.10.1)
      coderay (~> 1.1.0)
      method_source (~> 0.8.1)
      slop (~> 3.4)
    rabl (0.11.0)
      activesupport (>= 2.3.14)
    rack (1.5.2)
    rack-accept (0.4.5)
      rack (>= 0.4)
    rack-accept-media-types (0.9)
    rack-contrib (1.1.0)
      rack (>= 0.9.1)
    rack-mount (0.8.3)
      rack (>= 1.0.0)
    rack-respond_to (0.9.8)
      rack-accept-media-types (>= 0.6)
    slop (3.6.0)
    thread_safe (0.3.4)
    tzinfo (1.2.2)
      thread_safe (~> 0.1)
    virtus (1.0.3)
      axiom-types (~> 0.1)
      coercible (~> 1.0)
      descendants_tracker (~> 0.0, >= 0.0.3)
      equalizer (~> 0.0, >= 0.0.9)

PLATFORMS
  ruby

DEPENDENCIES
  bson_ext
  em-mongo
  em-synchrony
  goliath
  grape
  mongo
  mongoid (~> 4.0)
  pry
  rabl
